GEM
  remote: https://rubygems.org/
  specs:
    capistrano (2.15.5)
      highline
      net-scp (>= 1.0.0)
      net-sftp (>= 2.0.0)
      net-ssh (>= 2.0.14)
      net-ssh-gateway (>= 1.1.0)
    facter (1.7.5)
    hiera (1.3.2)
      json_pure
    highline (1.6.21)
    json (1.8.1)
    json_pure (1.8.1)
    librarian (0.1.2)
      highline
      thor (~> 0.15)
    librarian-puppet (0.9.14)
      json
      librarian (>= 0.1.2)
      open3_backport
    net-scp (1.1.2)
      net-ssh (>= 2.6.5)
    net-sftp (2.1.2)
      net-ssh (>= 2.6.5)
    net-ssh (2.8.0)
    net-ssh-gateway (1.2.0)
      net-ssh (>= 2.6.5)
    open3_backport (0.0.3)
      open4 (~> 1.3.0)
    open4 (1.3.3)
    puppet (3.4.2)
      facter (~> 1.6)
      hiera (~> 1.0)
      rgen (~> 0.6.5)
    rgen (0.6.6)
    supply_drop (0.16.1)
      capistrano (>= 2.5.21)
    thor (0.18.1)

PLATFORMS
  ruby

DEPENDENCIES
  capistrano (~> 2.0)
  librarian-puppet
  puppet (= 3.4.2)
  supply_drop
